GEM
  remote: https://rubygems.org/
  specs:
    chunky_png (1.3.5)
    markov_noodles (1.0.1)
      msgpack (~> 0.6)
    marky_markov (0.3.5)
      msgpack
    msgpack (0.7.4)
    rqrcode (0.9.0)
      chunky_png (~> 1.0)

PLATFORMS
  ruby

DEPENDENCIES
  markov_noodles
  marky_markov
  rqrcode

BUNDLED WITH
   1.10.6
